GEM
  remote: https://rubygems.org/
  specs:
    base64 (0.3.0)
    bcrypt (3.1.20)
    bigdecimal (3.3.1)
    csv (3.3.5)
    dotenv (3.1.8)
    httparty (0.23.2)
      csv
      mini_mime (>= 1.0.0)
      multi_xml (>= 0.5.2)
    jwt (3.1.2)
      base64
    mini_mime (1.1.5)
    multi_xml (0.7.2)
      bigdecimal (~> 3.1)
    nio4r (2.7.4)
    puma (7.0.4)
      nio4r (~> 2.0)
    rack (3.2.3)

PLATFORMS
  ruby
  x86_64-linux

DEPENDENCIES
  bcrypt (~> 3.1)
  dotenv (~> 3.1)
  httparty (~> 0.23.2)
  jwt (~> 3.1)
  puma (~> 7.0)
  rack (~> 3.2)

BUNDLED WITH
   2.7.2
