GEM
  remote: https://rubygems.org/
  specs:
    base64 (0.3.0)
    bcrypt (3.1.20)
    dotenv (3.1.8)
    jwt (3.1.2)
      base64
    nio4r (2.7.4)
    puma (7.0.4)
      nio4r (~> 2.0)
    rack (3.2.3)

PLATFORMS
  ruby
  x86_64-linux

DEPENDENCIES
  bcrypt (~> 3.1)
  dotenv (~> 3.1)
  jwt (~> 3.1)
  puma (~> 7.0)
  rack (~> 3.2)

BUNDLED WITH
   2.7.2
