GEM
  remote: https://rubygems.org/
  specs:
    nio4r (2.7.4)
    puma (7.0.4)
      nio4r (~> 2.0)
    rack (3.2.3)

PLATFORMS
  ruby
  x86_64-linux

DEPENDENCIES
  puma (~> 7.0)
  rack (~> 3.2)

BUNDLED WITH
   2.7.2
